PATH
  remote: .
  specs:
    parallel (0.6.3)

GEM
  remote: https://rubygems.org/
  specs:
    bump (0.3.5)
    diff-lcs (1.1.3)
    rake (10.0.2)
    rspec (2.12.0)
      rspec-core (~> 2.12.0)
      rspec-expectations (~> 2.12.0)
      rspec-mocks (~> 2.12.0)
    rspec-core (2.12.0)
    rspec-expectations (2.12.0)
      diff-lcs (~> 1.1.3)
    rspec-mocks (2.12.0)

PLATFORMS
  ruby
  x86-mingw32

DEPENDENCIES
  bump
  parallel!
  rake
  rspec (~> 2)
