PATH
  remote: .
  specs:
    parallel (1.13.0)

GEM
  remote: https://rubygems.org/
  specs:
    activemodel (4.2.8)
      activesupport (= 4.2.8)
      builder (~> 3.1)
    activerecord (4.2.8)
      activemodel (= 4.2.8)
      activesupport (= 4.2.8)
      arel (~> 6.0)
    activesupport (4.2.8)
      i18n (~> 0.7)
      minitest (~> 5.1)
      thread_safe (~> 0.3, >= 0.3.4)
      tzinfo (~> 1.1)
    arel (6.0.4)
    builder (3.2.3)
    bump (0.5.3)
    diff-lcs (1.3)
    i18n (0.8.1)
    minitest (5.10.1)
    mysql2 (0.4.6)
    rake (12.0.0)
    rspec (3.6.0)
      rspec-core (~> 3.6.0)
      rspec-expectations (~> 3.6.0)
      rspec-mocks (~> 3.6.0)
    rspec-core (3.6.0)
      rspec-support (~> 3.6.0)
    rspec-expectations (3.6.0)
      diff-lcs (>= 1.2.0, < 2.0)
      rspec-support (~> 3.6.0)
    rspec-legacy_formatters (1.0.1)
      rspec (~> 3.0)
    rspec-mocks (3.6.0)
      diff-lcs (>= 1.2.0, < 2.0)
      rspec-support (~> 3.6.0)
    rspec-rerun (1.1.0)
      rspec (~> 3.0)
    rspec-support (3.6.0)
    ruby-progressbar (1.8.1)
    sqlite3 (1.3.13)
    thread_safe (0.3.6)
    thread_safe (0.3.6-java)
    tzinfo (1.2.3)
      thread_safe (~> 0.1)

PLATFORMS
  java
  ruby

DEPENDENCIES
  activerecord (~> 4.2.8)
  bump
  mysql2
  parallel!
  rake
  rspec
  rspec-legacy_formatters
  rspec-rerun
  ruby-progressbar
  sqlite3

BUNDLED WITH
   1.16.1
